GEM
  remote: http://rubygems.org/
  specs:
    RedCloth (4.3.2)
    daemons (1.3.1)
    eventmachine (1.2.7)
    ffi (1.15.0)
    haml (5.2.1)
      temple (>= 0.8.0)
      tilt
    haml-contrib (1.0.0.1)
      haml (>= 3.2.0.alpha.13)
    mustermann (1.1.1)
      ruby2_keywords (~> 0.0.1)
    nesta (0.12.0)
      RedCloth (~> 4.2)
      haml (>= 3.1)
      haml-contrib (>= 1.0)
      rack (~> 2.0)
      rdiscount (~> 2.1)
      sassc (>= 2.2)
      sinatra (~> 2.0)
      tilt (~> 2.0)
    rack (2.2.3)
    rack-protection (2.2.0)
      rack
    rdiscount (2.2.0.2)
    ruby2_keywords (0.0.5)
    sassc (2.4.0)
      ffi (~> 1.9)
    sinatra (2.2.0)
      mustermann (~> 1.0)
      rack (~> 2.2)
      rack-protection (= 2.2.0)
      tilt (~> 2.0)
    temple (0.8.2)
    thin (1.8.0)
      daemons (~> 1.0, >= 1.0.9)
      eventmachine (~> 1.0, >= 1.0.4)
      rack (>= 1, < 3)
    tilt (2.0.10)

PLATFORMS
  x86_64-linux

DEPENDENCIES
  nesta
  thin

RUBY VERSION
   ruby 3.0.0p0

BUNDLED WITH
   2.2.13
